PATH
  remote: .
  specs:
    lumione (0.1.0)
      optparse-plus (~> 3.0.0)

GEM
  remote: https://rubygems.org/
  specs:
    diff-lcs (1.4.4)
    optparse-plus (3.0.0)
      bundler
    power_assert (1.2.0)
    rake (12.3.3)
    rdoc (6.2.1)
    rspec (3.9.0)
      rspec-core (~> 3.9.0)
      rspec-expectations (~> 3.9.0)
      rspec-mocks (~> 3.9.0)
    rspec-core (3.9.2)
      rspec-support (~> 3.9.3)
    rspec-expectations (3.9.2)
      diff-lcs (>= 1.2.0, < 2.0)
      rspec-support (~> 3.9.0)
    rspec-mocks (3.9.1)
      diff-lcs (>= 1.2.0, < 2.0)
      rspec-support (~> 3.9.0)
    rspec-support (3.9.3)
    test-unit (3.3.6)
      power_assert

PLATFORMS
  ruby

DEPENDENCIES
  lumione!
  rake (~> 12.0)
  rdoc
  rspec (~> 3)
  test-unit

BUNDLED WITH
   2.1.4
